GEM
  remote: https://rubygems.org/
  specs:
    ffi (1.4.0)

PLATFORMS
  ruby

DEPENDENCIES
  ffi
